GIT
  remote: git://github.com/tdiary/tdiary-contrib.git
  revision: 3f0c6de842d40317336b62698bfd202bb90c4fb6
  specs:
    tdiary-contrib (5.0.0)
      ruby-pushbullet
      tdiary

GIT
  remote: git://github.com/tdiary/tdiary-core.git
  revision: fa905e345655c5dd4ebb3f2ff2f706cf6004d035
  specs:
    tdiary (5.0.0.20160512)
      bundler (~> 1.3)
      thor (~> 0.18)

GIT
  remote: git://github.com/tdiary/tdiary-io-mongodb.git
  revision: e19079a329e4eb38a3e3e4848216dfcb028280ff
  specs:
    tdiary-io-mongodb (4.2.0.1)
      hikidoc
      mongoid (~> 5.0)

GEM
  remote: https://rubygems.org/
  specs:
    activemodel (4.2.6)
      activesupport (= 4.2.6)
      builder (~> 3.1)
    activesupport (4.2.6)
      i18n (~> 0.7)
      json (~> 1.7, >= 1.7.7)
      minitest (~> 5.1)
      thread_safe (~> 0.3, >= 0.3.4)
      tzinfo (~> 1.1)
    addressable (2.4.0)
    bson (4.1.1)
    builder (3.2.2)
    concurrent-ruby (1.0.2)
    dalli (2.7.6)
    domain_name (0.5.20160310)
      unf (>= 0.0.5, < 1.0.0)
    emot (0.0.4)
      thor
    faraday (0.9.2)
      multipart-post (>= 1.2, < 3)
    fastimage (2.0.0)
      addressable (~> 2)
    github-markdown (0.6.9)
    hashie (3.4.4)
    hikidoc (0.1.0)
    http-cookie (1.0.2)
      domain_name (~> 0.5)
    i18n (0.7.0)
    json (1.8.3)
    mail (2.6.4)
      mime-types (>= 1.16, < 4)
    memcachier (0.0.2)
    mime-types (2.99.1)
    minitest (5.8.4)
    mongo (2.2.5)
      bson (~> 4.0)
    mongoid (5.1.3)
      activemodel (~> 4.0)
      mongo (~> 2.1)
      origin (~> 2.2)
      tzinfo (>= 0.3.37)
    multipart-post (2.0.0)
    netrc (0.11.0)
    oauth (0.5.1)
    octokit (4.3.0)
      sawyer (~> 0.7.0, >= 0.5.3)
    omniauth (1.3.1)
      hashie (>= 1.2, < 4)
      rack (>= 1.0, < 3)
    omniauth-oauth (1.1.0)
      oauth
      omniauth (~> 1.0)
    omniauth-twitter (1.2.1)
      json (~> 1.3)
      omniauth-oauth (~> 1.1)
    origin (2.2.0)
    puma (3.4.0)
    rack (1.6.4)
    rake (11.1.2)
    rdtool (0.6.38)
    rest-client (1.8.0)
      http-cookie (>= 1.0.2, < 2.0)
      mime-types (>= 1.16, < 3.0)
      netrc (~> 0.7)
    rouge (1.10.1)
    ruby-pushbullet (0.1.4)
      json
      rest-client (~> 1.8.0)
    sawyer (0.7.0)
      addressable (>= 2.3.5, < 2.5)
      faraday (~> 0.8, < 0.10)
    sprockets (3.6.0)
      concurrent-ruby (~> 1.0)
      rack (> 1, < 3)
    tdiary-style-gfm (0.3.0)
      emot
      github-markdown
      rouge
      twitter-text
    tdiary-style-rd (0.0.3)
      rdtool
    thor (0.19.1)
    thread_safe (0.3.5)
    twitter-text (1.13.4)
      unf (~> 0.1.0)
    tzinfo (1.2.2)
      thread_safe (~> 0.1)
    unf (0.1.4)
      unf_ext
    unf_ext (0.0.7.2)

PLATFORMS
  ruby

DEPENDENCIES
  dalli
  emot
  fastimage
  hikidoc
  mail
  memcachier
  octokit
  omniauth
  omniauth-twitter
  puma
  rack
  rake
  sprockets
  tdiary!
  tdiary-contrib!
  tdiary-io-mongodb!
  tdiary-style-gfm
  tdiary-style-rd

RUBY VERSION
   ruby 2.3.1p112

BUNDLED WITH
   1.12.1
