GIT
  remote: https://github.com/tdiary/tdiary-blogkit
  revision: 6730135521b6d25f3c3601826805257e44b677a9
  specs:
    tdiary-blogkit (5.0.7)
      hikidoc
      tdiary
      tdiary-style-gfm
      tdiary-style-rd

GIT
  remote: https://github.com/tdiary/tdiary-contrib
  revision: a40096d3fb487a38619e8f24d11367ae59b50238
  specs:
    tdiary-contrib (5.0.7)
      pushbullet_ruby
      tdiary

GIT
  remote: https://github.com/tdiary/tdiary-core
  revision: 7b3c4b302a011a6c3cb12c32d8db9029cacd0f05
  specs:
    tdiary (5.0.7.20180129)
      bundler (~> 1.3)
      emot
      fastimage
      hikidoc
      mail
      rack
      rake
      sprockets
      thor

GIT
  remote: https://github.com/tdiary/tdiary-io-mongodb
  revision: f75837e4709c56cb8a8d1d6bf022438973b80ead
  specs:
    tdiary-io-mongodb (5.0.3)
      hikidoc
      mongoid (~> 6.0)

GEM
  remote: https://rubygems.org/
  specs:
    activemodel (5.1.4)
      activesupport (= 5.1.4)
    activesupport (5.1.4)
      concurrent-ruby (~> 1.0, >= 1.0.2)
      i18n (~> 0.7)
      minitest (~> 5.1)
      tzinfo (~> 1.1)
    addressable (2.5.2)
      public_suffix (>= 2.0.2, < 4.0)
    bson (4.3.0)
    concurrent-ruby (1.0.5)
    dalli (2.7.6)
    emot (0.0.4)
      thor
    faraday (0.13.1)
      multipart-post (>= 1.2, < 3)
    fastimage (2.1.1)
    github-markdown (0.6.9)
    hashie (3.5.7)
    hikidoc (0.1.0)
    i18n (0.9.3)
      concurrent-ruby (~> 1.0)
    mail (2.7.0)
      mini_mime (>= 0.1.1)
    memcachier (0.0.2)
    mime-types (3.1)
      mime-types-data (~> 3.2015)
    mime-types-data (3.2016.0521)
    mini_mime (1.0.0)
    minitest (5.11.3)
    mongo (2.5.0)
      bson (>= 4.3.0, < 5.0.0)
    mongoid (6.3.0)
      activemodel (~> 5.1)
      mongo (>= 2.5.0, < 3.0.0)
    multipart-post (2.0.0)
    oauth (0.5.4)
    octokit (4.8.0)
      sawyer (~> 0.8.0, >= 0.5.3)
    omniauth (1.8.1)
      hashie (>= 3.4.6, < 3.6.0)
      rack (>= 1.6.2, < 3)
    omniauth-oauth (1.1.0)
      oauth
      omniauth (~> 1.0)
    omniauth-twitter (1.4.0)
      omniauth-oauth (~> 1.1)
      rack
    public_suffix (3.0.1)
    puma (3.11.2)
    pushbullet_ruby (1.1.3)
      faraday (~> 0.13.0)
      mime-types
    rack (2.0.4)
    rake (12.3.0)
    rdtool (0.6.38)
    rouge (3.1.1)
    sawyer (0.8.1)
      addressable (>= 2.3.5, < 2.6)
      faraday (~> 0.8, < 1.0)
    sprockets (3.7.1)
      concurrent-ruby (~> 1.0)
      rack (> 1, < 3)
    tdiary-style-gfm (0.5.2)
      emot
      github-markdown
      rouge (>= 2.2)
      twitter-text (~> 1.0)
    tdiary-style-rd (0.0.3)
      rdtool
    thor (0.20.0)
    thread_safe (0.3.6)
    twitter-text (1.14.7)
      unf (~> 0.1.0)
    tzinfo (1.2.4)
      thread_safe (~> 0.1)
    unf (0.1.4)
      unf_ext
    unf_ext (0.0.7.4)

PLATFORMS
  ruby

DEPENDENCIES
  dalli
  memcachier
  octokit
  omniauth
  omniauth-twitter
  puma
  tdiary!
  tdiary-blogkit!
  tdiary-contrib!
  tdiary-io-mongodb!
  tdiary-style-gfm
  tdiary-style-rd

RUBY VERSION
   ruby 2.5.0p0

BUNDLED WITH
   1.16.1
